PATH
  remote: .
  specs:
    assert_performance (0.0.2)

GEM
  remote: http://rubygems.org/
  specs:
    activemodel (3.0.3)
      activesupport (= 3.0.3)
      builder (~> 2.1.2)
      i18n (~> 0.4)
    activerecord (3.0.3)
      activemodel (= 3.0.3)
      activesupport (= 3.0.3)
      arel (~> 2.0.2)
      tzinfo (~> 0.3.23)
    activesupport (3.0.3)
    arel (2.0.6)
    builder (2.1.2)
    ffi (1.0.1)
      rake (>= 0.8.7)
    i18n (0.5.0)
    rake (0.8.7)
    sqlite3 (0.1.1)
      ffi (>= 0.6.3)
    tzinfo (0.3.23)

PLATFORMS
  ruby

DEPENDENCIES
  activerecord
  assert_performance!
  sqlite3
